PATH
  remote: .
  specs:
    template-ruby (0.6.4)
      code-ruby (~> 0)
      language-ruby (~> 0)
      zeitwerk (~> 2)

GEM
  remote: https://rubygems.org/
  specs:
    bigdecimal (3.1.6)
    code-ruby (0.6.2)
      bigdecimal (~> 3)
      language-ruby (~> 0)
      zeitwerk (~> 2)
    diff-lcs (1.5.0)
    language-ruby (0.6.0)
      zeitwerk (~> 2)
    rspec (3.12.0)
      rspec-core (~> 3.12.0)
      rspec-expectations (~> 3.12.0)
      rspec-mocks (~> 3.12.0)
    rspec-core (3.12.2)
      rspec-support (~> 3.12.0)
    rspec-expectations (3.12.3)
      diff-lcs (>= 1.2.0, < 2.0)
      rspec-support (~> 3.12.0)
    rspec-mocks (3.12.6)
      diff-lcs (>= 1.2.0, < 2.0)
      rspec-support (~> 3.12.0)
    rspec-support (3.12.1)
    ruby-prof (1.7.0)
    zeitwerk (2.6.12)

PLATFORMS
  arm64-darwin-22
  arm64-darwin-23

DEPENDENCIES
  rspec
  ruby-prof
  template-ruby!

RUBY VERSION
   ruby 3.3.0p0

BUNDLED WITH
   2.5.6
