PATH
  remote: .
  specs:
    code-ruby (0.4.0)
      code-ruby-parser (~> 0)
    template-ruby (0.4.0)
      template-ruby-parser (~> 0)

GEM
  remote: https://rubygems.org/
  specs:
    code-ruby-parser (0.1.3)
    diff-lcs (1.5.0)
    prettier_print (1.1.0)
    rspec (3.12.0)
      rspec-core (~> 3.12.0)
      rspec-expectations (~> 3.12.0)
      rspec-mocks (~> 3.12.0)
    rspec-core (3.12.0)
      rspec-support (~> 3.12.0)
    rspec-expectations (3.12.0)
      diff-lcs (>= 1.2.0, < 2.0)
      rspec-support (~> 3.12.0)
    rspec-mocks (3.12.0)
      diff-lcs (>= 1.2.0, < 2.0)
      rspec-support (~> 3.12.0)
    rspec-support (3.12.0)
    syntax_tree (5.0.1)
      prettier_print (>= 1.1.0)
    template-ruby-parser (0.1.3)

PLATFORMS
  arm64-darwin-21

DEPENDENCIES
  code-ruby!
  rspec
  syntax_tree
  template-ruby!

BUNDLED WITH
   2.3.18
