PATH
  remote: .
  specs:
    template-ruby (0.6.1)
      code-ruby (~> 0.6)
      language-ruby (~> 0)
      zeitwerk (~> 2)

GEM
  remote: https://rubygems.org/
  specs:
    code-ruby (0.6.0)
      language-ruby (~> 0)
      zeitwerk (~> 2)
    diff-lcs (1.5.0)
    language-ruby (0.6.0)
      zeitwerk (~> 2)
    rspec (3.12.0)
      rspec-core (~> 3.12.0)
      rspec-expectations (~> 3.12.0)
      rspec-mocks (~> 3.12.0)
    rspec-core (3.12.2)
      rspec-support (~> 3.12.0)
    rspec-expectations (3.12.3)
      diff-lcs (>= 1.2.0, < 2.0)
      rspec-support (~> 3.12.0)
    rspec-mocks (3.12.6)
      diff-lcs (>= 1.2.0, < 2.0)
      rspec-support (~> 3.12.0)
    rspec-support (3.12.1)
    ruby-prof (1.6.3)
    zeitwerk (2.6.12)

PLATFORMS
  arm64-darwin-22

DEPENDENCIES
  rspec
  ruby-prof
  template-ruby!

BUNDLED WITH
   2.4.22
