PATH
  remote: .
  specs:
    template-ruby (1.0.0)
      code-ruby
      dorian-arguments
      language-ruby
      zeitwerk

GEM
  remote: https://rubygems.org/
  specs:
    activesupport (7.2.1)
      base64
      bigdecimal
      concurrent-ruby (~> 1.0, >= 1.3.1)
      connection_pool (>= 2.2.5)
      drb
      i18n (>= 1.6, < 2)
      logger (>= 1.4.2)
      minitest (>= 5.1)
      securerandom (>= 0.3)
      tzinfo (~> 2.0, >= 2.0.5)
    ast (2.4.2)
    base64 (0.2.0)
    bigdecimal (3.1.8)
    bundler-audit (0.9.2)
      bundler (>= 1.2.0, < 3)
      thor (~> 1.0)
    code-ruby (1.0.0)
      activesupport
      bigdecimal
      did-you-mean
      dorian-arguments
      json
      language-ruby
      zeitwerk
    concurrent-ruby (1.3.4)
    connection_pool (2.4.1)
    did-you-mean (0.1.1)
      levenshtein (>= 0.2.0)
    diff-lcs (1.5.1)
    dorian-arguments (1.1.0)
      bigdecimal
    drb (2.2.1)
    i18n (1.14.5)
      concurrent-ruby (~> 1.0)
    json (2.7.2)
    language-ruby (1.0.1)
      dorian-arguments
      zeitwerk
    language_server-protocol (3.17.0.3)
    levenshtein (0.2.2)
    logger (1.6.0)
    minitest (5.25.1)
    parallel (1.26.3)
    parser (3.3.4.2)
      ast (~> 2.4.1)
      racc
    racc (1.8.1)
    rack (3.1.7)
    rainbow (3.1.1)
    regexp_parser (2.9.2)
    rexml (3.3.6)
      strscan
    rspec (3.13.0)
      rspec-core (~> 3.13.0)
      rspec-expectations (~> 3.13.0)
      rspec-mocks (~> 3.13.0)
    rspec-core (3.13.0)
      rspec-support (~> 3.13.0)
    rspec-expectations (3.13.2)
      diff-lcs (>= 1.2.0, < 2.0)
      rspec-support (~> 3.13.0)
    rspec-mocks (3.13.1)
      diff-lcs (>= 1.2.0, < 2.0)
      rspec-support (~> 3.13.0)
    rspec-support (3.13.1)
    rubocop (1.65.1)
      json (~> 2.3)
      language_server-protocol (>= 3.17.0)
      parallel (~> 1.10)
      parser (>= 3.3.0.2)
      rainbow (>= 2.2.2, < 4.0)
      regexp_parser (>= 2.4, < 3.0)
      rexml (>= 3.2.5, < 4.0)
      rubocop-ast (>= 1.31.1, < 2.0)
      ruby-progressbar (~> 1.7)
      unicode-display_width (>= 2.4.0, < 3.0)
    rubocop-ast (1.32.1)
      parser (>= 3.3.1.0)
    rubocop-factory_bot (2.26.1)
      rubocop (~> 1.61)
    rubocop-gemfile (0.1.0.beta3)
      rubocop (>= 0.35.0)
    rubocop-performance (1.21.1)
      rubocop (>= 1.48.1, < 2.0)
      rubocop-ast (>= 1.31.1, < 2.0)
    rubocop-rails (2.26.0)
      activesupport (>= 4.2.0)
      rack (>= 1.1)
      rubocop (>= 1.52.0, < 2.0)
      rubocop-ast (>= 1.31.1, < 2.0)
    rubocop-rake (0.6.0)
      rubocop (~> 1.0)
    rubocop-rspec (3.0.4)
      rubocop (~> 1.61)
    rubocop-rspec_rails (2.30.0)
      rubocop (~> 1.61)
      rubocop-rspec (~> 3, >= 3.0.1)
    ruby-prof (1.7.0)
    ruby-progressbar (1.13.0)
    securerandom (0.3.1)
    strscan (3.1.0)
    thor (1.3.1)
    tzinfo (2.0.6)
      concurrent-ruby (~> 1.0)
    unicode-display_width (2.5.0)
    zeitwerk (2.6.17)

PLATFORMS
  arm64-darwin-22
  arm64-darwin-23
  x86_64-linux

DEPENDENCIES
  bundler-audit (~> 0.9.2)
  rspec
  rubocop-factory_bot (~> 2.26)
  rubocop-gemfile (~> 0.1.0.beta3)
  rubocop-performance (~> 1.21)
  rubocop-rails (~> 2.26)
  rubocop-rake (~> 0.6.0)
  rubocop-rspec (~> 3.0)
  rubocop-rspec_rails (~> 2.30)
  ruby-prof
  template-ruby!

RUBY VERSION
   ruby 3.3.4p94

BUNDLED WITH
   2.5.17
