PATH
  remote: .
  specs:
    template-ruby (1.1.2)
      code-ruby
      dorian-arguments
      language-ruby
      zeitwerk

GEM
  remote: https://rubygems.org/
  specs:
    activesupport (7.2.1)
      base64
      bigdecimal
      concurrent-ruby (~> 1.0, >= 1.3.1)
      connection_pool (>= 2.2.5)
      drb
      i18n (>= 1.6, < 2)
      logger (>= 1.4.2)
      minitest (>= 5.1)
      securerandom (>= 0.3)
      tzinfo (~> 2.0, >= 2.0.5)
    addressable (2.8.7)
      public_suffix (>= 2.0.2, < 7.0)
    ast (2.4.2)
    base64 (0.2.0)
    bigdecimal (3.1.8)
    bundler-audit (0.9.2)
      bundler (>= 1.2.0, < 3)
      thor (~> 1.0)
    cmdparse (3.0.7)
    code-ruby (1.1.3)
      activesupport
      bigdecimal
      did-you-mean
      dorian-arguments
      json
      language-ruby
      zeitwerk
    concurrent-ruby (1.3.4)
    connection_pool (2.4.1)
    csv (3.3.0)
    did-you-mean (0.1.1)
      levenshtein (>= 0.2.0)
    diff-lcs (1.5.1)
    dorian (2.6.3)
      csv
      dorian-arguments
      dorian-eval
      dorian-progress
      dorian-to_struct
      git
      hexapdf
      json
      mini_racer
      ostruct
      parallel
      syntax_tree
      syntax_tree-haml
      syntax_tree-xml
      terminal-table
      w_syntax_tree-erb
      yaml
    dorian-arguments (1.2.2)
      bigdecimal
    dorian-eval (1.5.0)
      yaml
    dorian-progress (1.1.2)
      ruby-progressbar
    dorian-to_struct (2.0.2)
    drb (2.2.1)
    geom2d (0.4.1)
    git (2.3.0)
      activesupport (>= 5.0)
      addressable (~> 2.8)
      process_executer (~> 1.1)
      rchardet (~> 1.8)
    haml (6.3.0)
      temple (>= 0.8.2)
      thor
      tilt
    hexapdf (0.47.0)
      cmdparse (~> 3.0, >= 3.0.3)
      geom2d (~> 0.4, >= 0.4.1)
      openssl (>= 2.2.1)
    i18n (1.14.6)
      concurrent-ruby (~> 1.0)
    json (2.7.2)
    language-ruby (1.1.2)
      dorian-arguments
      zeitwerk
    language_server-protocol (3.17.0.3)
    levenshtein (0.2.2)
    libv8-node (18.19.0.0-arm64-darwin)
    libv8-node (18.19.0.0-x86_64-linux)
    logger (1.6.1)
    mini_racer (0.16.0)
      libv8-node (~> 18.19.0.0)
    minitest (5.25.1)
    openssl (3.2.0)
    ostruct (0.6.0)
    parallel (1.26.3)
    parser (3.3.5.0)
      ast (~> 2.4.1)
      racc
    prettier_print (1.2.1)
    process_executer (1.1.2)
    public_suffix (6.0.1)
    racc (1.8.1)
    rack (3.1.7)
    rainbow (3.1.1)
    rchardet (1.8.0)
    regexp_parser (2.9.2)
    rspec (3.13.0)
      rspec-core (~> 3.13.0)
      rspec-expectations (~> 3.13.0)
      rspec-mocks (~> 3.13.0)
    rspec-core (3.13.1)
      rspec-support (~> 3.13.0)
    rspec-expectations (3.13.3)
      diff-lcs (>= 1.2.0, < 2.0)
      rspec-support (~> 3.13.0)
    rspec-mocks (3.13.1)
      diff-lcs (>= 1.2.0, < 2.0)
      rspec-support (~> 3.13.0)
    rspec-support (3.13.1)
    rubocop (1.66.1)
      json (~> 2.3)
      language_server-protocol (>= 3.17.0)
      parallel (~> 1.10)
      parser (>= 3.3.0.2)
      rainbow (>= 2.2.2, < 4.0)
      regexp_parser (>= 2.4, < 3.0)
      rubocop-ast (>= 1.32.2, < 2.0)
      ruby-progressbar (~> 1.7)
      unicode-display_width (>= 2.4.0, < 3.0)
    rubocop-ast (1.32.3)
      parser (>= 3.3.1.0)
    rubocop-capybara (2.21.0)
      rubocop (~> 1.41)
    rubocop-factory_bot (2.26.1)
      rubocop (~> 1.61)
    rubocop-performance (1.22.1)
      rubocop (>= 1.48.1, < 2.0)
      rubocop-ast (>= 1.31.1, < 2.0)
    rubocop-rails (2.26.2)
      activesupport (>= 4.2.0)
      rack (>= 1.1)
      rubocop (>= 1.52.0, < 2.0)
      rubocop-ast (>= 1.31.1, < 2.0)
    rubocop-rake (0.6.0)
      rubocop (~> 1.0)
    rubocop-rspec (3.0.5)
      rubocop (~> 1.61)
    rubocop-rspec_rails (2.30.0)
      rubocop (~> 1.61)
      rubocop-rspec (~> 3, >= 3.0.1)
    ruby-prof (1.7.0)
    ruby-progressbar (1.13.0)
    securerandom (0.3.1)
    syntax_tree (6.2.0)
      prettier_print (>= 1.2.0)
    syntax_tree-haml (4.0.3)
      haml (>= 5.2)
      prettier_print (>= 1.2.1)
      syntax_tree (>= 6.0.0)
    syntax_tree-xml (0.1.0)
      prettier_print
      syntax_tree (>= 2.0.1)
    temple (0.10.3)
    terminal-table (3.0.2)
      unicode-display_width (>= 1.1.1, < 3)
    thor (1.3.2)
    tilt (2.4.0)
    tzinfo (2.0.6)
      concurrent-ruby (~> 1.0)
    unicode-display_width (2.6.0)
    w_syntax_tree-erb (0.12.0)
      prettier_print (~> 1.2, >= 1.2.0)
      syntax_tree (~> 6.1, >= 6.1.1)
    yaml (0.3.0)
    zeitwerk (2.6.18)

PLATFORMS
  arm64-darwin-22
  arm64-darwin-23
  x86_64-linux

DEPENDENCIES
  bundler-audit
  dorian
  rspec
  rubocop-capybara
  rubocop-factory_bot
  rubocop-performance
  rubocop-rails
  rubocop-rake
  rubocop-rspec
  rubocop-rspec_rails
  ruby-prof
  template-ruby!

RUBY VERSION
   ruby 3.3.5p100

BUNDLED WITH
   2.5.20
